PATH
  remote: .
  specs:
    petruchio (0.1.3)

GEM
  remote: https://rubygems.org/
  specs:
    minitest (5.17.0)
    rake (13.0.6)

PLATFORMS
  ruby

DEPENDENCIES
  minitest (~> 5.0)
  petruchio!
  rake (~> 13.0)

BUNDLED WITH
   2.3.22
